GEM
  remote: http://rubygems.org/
  specs:
    childprocess (0.7.0)
      ffi (~> 1.0, >= 1.0.11)
    ffi (1.9.18-x64-mingw32)
    qtbindings (4.8.6.3-x64-mingw32)
      qtbindings-qt (~> 4.8.6.0)
    qtbindings-qt (4.8.6.3-x64-mingw32)
    rubyzip (1.2.1)
    selenium-webdriver (3.4.0)
      childprocess (~> 0.5)
      rubyzip (~> 1.0)
      websocket (~> 1.0)
    watir (6.2.1)
      selenium-webdriver (~> 3.0)
    websocket (1.2.4)

PLATFORMS
  x64-mingw32

DEPENDENCIES
  qtbindings
  watir

BUNDLED WITH
   1.15.1
